NUGET
  remote: http://nuget.org/api/v2
  specs:
    Microsoft.AspNet.FeatureModel (1.0.0-beta1)
      Microsoft.Framework.Runtime.Interfaces (>= 1.0.0-beta1)
      System.Collections (>= 4.0.10-beta-22231)
      System.Linq (>= 4.0.0-beta-22231)
      System.Reflection (>= 4.0.10-beta-22231)
      System.Reflection.TypeExtensions (>= 4.0.0-beta-22231)
      System.Runtime (>= 4.0.20-beta-22231)
      System.Runtime.InteropServices (>= 4.0.20-beta-22231)
      System.Threading (>= 4.0.0-beta-22231)
    Microsoft.AspNet.Hosting (1.0.0-beta1)
      Microsoft.AspNet.FeatureModel (>= 1.0.0-beta1)
      Microsoft.AspNet.Http (>= 1.0.0-beta1)
      Microsoft.AspNet.PipelineCore (>= 1.0.0-beta1)
      Microsoft.AspNet.Security.DataProtection (>= 1.0.0-beta1)
      Microsoft.Framework.ConfigurationModel (>= 1.0.0-beta1)
      Microsoft.Framework.DependencyInjection (>= 1.0.0-beta1)
      Microsoft.Framework.Logging (>= 1.0.0-beta1)
      Microsoft.Framework.OptionsModel (>= 1.0.0-beta1)
      Newtonsoft.Json (>= 6.0.6)
      System.Collections (>= 4.0.10-beta-22231)
      System.ComponentModel (>= 4.0.0-beta-22231)
      System.Console (>= 4.0.0-beta-22231)
      System.Diagnostics.Contracts (>= 4.0.0-beta-22231)
      System.Diagnostics.Debug (>= 4.0.10-beta-22231)
      System.IO (>= 4.0.10-beta-22231)
      System.Linq (>= 4.0.0-beta-22231)
      System.Reflection (>= 4.0.10-beta-22231)
      System.Runtime (>= 4.0.20-beta-22231)
      System.Runtime.Extensions (>= 4.0.10-beta-22231)
      System.Threading (>= 4.0.0-beta-22231)
      System.Threading.Tasks (>= 4.0.10-beta-22231)
    Microsoft.AspNet.Http (1.0.0-beta1)
      Microsoft.Net.WebSocketAbstractions (>= 1.0.0-beta1)
      System.Collections (>= 4.0.10-beta-22231)
      System.ComponentModel (>= 4.0.0-beta-22231)
      System.Diagnostics.Tools (>= 4.0.0-beta-22231)
      System.Globalization (>= 4.0.10-beta-22231)
      System.Globalization.Extensions (>= 4.0.0-beta-22231)
      System.IO (>= 4.0.10-beta-22231)
      System.Linq (>= 4.0.0-beta-22231)
      System.Runtime (>= 4.0.20-beta-22231)
      System.Runtime.Extensions (>= 4.0.10-beta-22231)
      System.Runtime.InteropServices (>= 4.0.20-beta-22231)
      System.Security.Claims (>= 4.0.0-beta-22231)
      System.Security.Principal (>= 4.0.0-beta-22231)
      System.Threading.Tasks (>= 4.0.10-beta-22231)
    Microsoft.AspNet.HttpFeature (1.0.0-beta1)
      Microsoft.Net.WebSocketAbstractions (>= 1.0.0-beta1)
      System.IO (>= 4.0.10-beta-22231)
      System.Net.Primitives (>= 4.0.10-beta-22231)
      System.Runtime (>= 4.0.20-beta-22231)
      System.Runtime.InteropServices (>= 4.0.20-beta-22231)
      System.Security.Claims (>= 4.0.0-beta-22231)
      System.Security.Cryptography.X509Certificates (>= 4.0.0-beta-22231)
      System.Security.Principal (>= 4.0.0-beta-22231)
      System.Threading.Tasks (>= 4.0.10-beta-22231)
    Microsoft.AspNet.Mvc (5.2.2)
      Microsoft.AspNet.Razor (>= 3.2.2 <  3.3.0)
      Microsoft.AspNet.WebPages (>= 3.2.2 <  3.3.0)
    Microsoft.AspNet.Owin (1.0.0-beta1)
      Microsoft.AspNet.FeatureModel (>= 1.0.0-beta1)
      Microsoft.AspNet.Http (>= 1.0.0-beta1)
      Microsoft.AspNet.PipelineCore (>= 1.0.0-beta1)
      System.Collections (>= 4.0.10-beta-22231)
      System.ComponentModel (>= 4.0.0-beta-22231)
      System.Diagnostics.Tools (>= 4.0.0-beta-22231)
      System.Globalization (>= 4.0.10-beta-22231)
      System.IO (>= 4.0.10-beta-22231)
      System.Linq (>= 4.0.0-beta-22231)
      System.Net.Primitives (>= 4.0.10-beta-22231)
      System.Runtime (>= 4.0.20-beta-22231)
      System.Runtime.Extensions (>= 4.0.10-beta-22231)
      System.Runtime.InteropServices (>= 4.0.20-beta-22231)
      System.Security.Claims (>= 4.0.0-beta-22231)
      System.Security.Cryptography.X509Certificates (>= 4.0.0-beta-22231)
      System.Security.Principal (>= 4.0.0-beta-22231)
      System.Threading.Tasks (>= 4.0.10-beta-22231)
    Microsoft.AspNet.PipelineCore (1.0.0-beta1)
      Microsoft.AspNet.FeatureModel (>= 1.0.0-beta1)
      Microsoft.AspNet.Http (>= 1.0.0-beta1)
      Microsoft.AspNet.HttpFeature (>= 1.0.0-beta1)
      Microsoft.AspNet.WebUtilities (>= 1.0.0-beta1)
      Microsoft.Net.WebSocketAbstractions (>= 1.0.0-beta1)
      System.Collections (>= 4.0.10-beta-22231)
      System.ComponentModel (>= 4.0.0-beta-22231)
      System.Diagnostics.Debug (>= 4.0.10-beta-22231)
      System.Diagnostics.Tools (>= 4.0.0-beta-22231)
      System.Globalization (>= 4.0.10-beta-22231)
      System.IO (>= 4.0.10-beta-22231)
      System.Linq (>= 4.0.0-beta-22231)
      System.Runtime (>= 4.0.20-beta-22231)
      System.Runtime.Extensions (>= 4.0.10-beta-22231)
      System.Runtime.InteropServices (>= 4.0.20-beta-22231)
      System.Security.Claims (>= 4.0.0-beta-22231)
      System.Security.Principal (>= 4.0.0-beta-22231)
      System.Text.Encoding (>= 4.0.10-beta-22231)
      System.Threading.Tasks (>= 4.0.10-beta-22231)
    Microsoft.AspNet.Razor (3.2.2)
    Microsoft.AspNet.Security.DataProtection (1.0.0-beta1)
      Microsoft.Framework.DependencyInjection (>= 1.0.0-beta1)
      Microsoft.Framework.OptionsModel (>= 1.0.0-beta1)
      Microsoft.Win32.Registry (>= 4.0.0-beta-22231)
      System.Diagnostics.Debug (>= 4.0.10-beta-22231)
      System.Diagnostics.Tools (>= 4.0.0-beta-22231)
      System.Globalization (>= 4.0.10-beta-22231)
      System.IO.FileSystem (>= 4.0.0-beta-22231)
      System.Linq (>= 4.0.0-beta-22231)
      System.Reflection (>= 4.0.10-beta-22231)
      System.Reflection.TypeExtensions (>= 4.0.0-beta-22231)
      System.Resources.ResourceManager (>= 4.0.0-beta-22231)
      System.Runtime (>= 4.0.20-beta-22231)
      System.Runtime.Extensions (>= 4.0.10-beta-22231)
      System.Runtime.Handles (>= 4.0.0-beta-22231)
      System.Runtime.InteropServices (>= 4.0.20-beta-22231)
      System.Security.Cryptography.Encryption (>= 4.0.0-beta-22231)
      System.Security.Cryptography.Encryption.Aes (>= 4.0.0-beta-22231)
      System.Security.Cryptography.Hashing.Algorithms (>= 4.0.0-beta-22231)
      System.Security.Cryptography.RandomNumberGenerator (>= 4.0.0-beta-22231)
      System.Security.Cryptography.X509Certificates (>= 4.0.0-beta-22231)
      System.Security.Principal.Windows (>= 4.0.0-beta-22231)
      System.Text.Encoding.Extensions (>= 4.0.10-beta-22231)
      System.Threading (>= 4.0.0-beta-22231)
      System.Xml.XDocument (>= 4.0.0-beta-22231)
    Microsoft.AspNet.WebPages (3.2.2)
      Microsoft.AspNet.Razor (>= 3.2.2 <  3.3.0)
      Microsoft.Web.Infrastructure (>= 1.0.0.0)
    Microsoft.AspNet.WebUtilities (1.0.0-beta1)
      Microsoft.AspNet.Http (>= 1.0.0-beta1)
      System.Diagnostics.Debug (>= 4.0.10-beta-22231)
      System.Runtime (>= 4.0.20-beta-22231)
    Microsoft.Framework.ConfigurationModel (1.0.0-beta1)
      System.Collections (>= 4.0.10-beta-22231)
      System.Diagnostics.Debug (>= 4.0.10-beta-22231)
      System.Diagnostics.Tools (>= 4.0.0-beta-22231)
      System.IO.FileSystem (>= 4.0.0-beta-22231)
      System.Linq (>= 4.0.0-beta-22231)
      System.Resources.ResourceManager (>= 4.0.0-beta-22231)
      System.Runtime (>= 4.0.20-beta-22231)
      System.Runtime.Extensions (>= 4.0.10-beta-22231)
      System.Runtime.InteropServices (>= 4.0.20-beta-22231)
    Microsoft.Framework.DependencyInjection (1.0.0-beta1)
      Microsoft.Framework.ConfigurationModel (>= 1.0.0-beta1)
      System.Collections (>= 4.0.10-beta-22231)
      System.Collections.Concurrent (>= 4.0.0-beta-22231)
      System.ComponentModel (>= 4.0.0-beta-22231)
      System.Diagnostics.Debug (>= 4.0.10-beta-22231)
      System.Diagnostics.Tools (>= 4.0.0-beta-22231)
      System.Linq (>= 4.0.0-beta-22231)
      System.Linq.Expressions (>= 4.0.0-beta-22231)
      System.Reflection (>= 4.0.10-beta-22231)
      System.Runtime (>= 4.0.20-beta-22231)
      System.Runtime.InteropServices (>= 4.0.20-beta-22231)
      System.Threading (>= 4.0.0-beta-22231)
      System.Threading.Tasks (>= 4.0.10-beta-22231)
    Microsoft.Framework.Logging (1.0.0-beta1)
      Microsoft.Framework.Logging.Interfaces (>= 1.0.0-beta1)
      System.Collections (>= 4.0.10-beta-22231)
      System.Collections.Concurrent (>= 4.0.0-beta-22231)
      System.Diagnostics.TraceSource (>= 4.0.0-beta-22231)
      System.Globalization (>= 4.0.10-beta-22231)
      System.Linq (>= 4.0.0-beta-22231)
      System.Runtime (>= 4.0.20-beta-22231)
      System.Runtime.Extensions (>= 4.0.10-beta-22231)
      System.Runtime.InteropServices (>= 4.0.20-beta-22231)
      System.Threading (>= 4.0.0-beta-22231)
    Microsoft.Framework.Logging.Interfaces (1.0.0-beta1)
      System.Runtime (>= 4.0.20-beta-22231)
      System.Runtime.Extensions (>= 4.0.10-beta-22231)
      System.Runtime.InteropServices (>= 4.0.20-beta-22231)
    Microsoft.Framework.OptionsModel (1.0.0-beta1)
      Microsoft.Framework.ConfigurationModel (>= 1.0.0-beta1)
      Microsoft.Framework.DependencyInjection (>= 1.0.0-beta1)
      System.Collections (>= 4.0.10-beta-22231)
      System.Collections.Concurrent (>= 4.0.0-beta-22231)
      System.ComponentModel (>= 4.0.0-beta-22231)
      System.Diagnostics.Debug (>= 4.0.10-beta-22231)
      System.Diagnostics.Tools (>= 4.0.0-beta-22231)
      System.Linq (>= 4.0.0-beta-22231)
      System.Reflection (>= 4.0.10-beta-22231)
      System.Reflection.Extensions (>= 4.0.0-beta-22231)
      System.Reflection.TypeExtensions (>= 4.0.0-beta-22231)
      System.Runtime (>= 4.0.20-beta-22231)
      System.Runtime.InteropServices (>= 4.0.20-beta-22231)
      System.Threading (>= 4.0.0-beta-22231)
      System.Threading.Tasks (>= 4.0.10-beta-22231)
    Microsoft.Framework.Runtime.Interfaces (1.0.0-beta1)
      System.ComponentModel (>= 4.0.0-beta-22231)
      System.IO (>= 4.0.10-beta-22231)
      System.Reflection (>= 4.0.10-beta-22231)
      System.Runtime (>= 4.0.20-beta-22231)
      System.Runtime.Extensions (>= 4.0.10-beta-22231)
      System.Threading.Tasks (>= 4.0.10-beta-22231)
    Microsoft.Net.WebSocketAbstractions (1.0.0-beta1)
      System.Runtime (>= 4.0.20-beta-22231)
      System.Threading.Tasks (>= 4.0.10-beta-22231)
    Microsoft.Web.Infrastructure (1.0.0.0)
    Nancy (1.0.0)
    Newtonsoft.Json (6.0.8)
    NUnit (2.6.4)
    NUnit.Runners (2.6.4)
    System.Collections.Concurrent (4.0.0-beta-22231)
      System.Runtime (>= 4.0.0-beta-22231)
      System.Threading.Tasks (>= 4.0.0-beta-22231)
    System.Console (4.0.0-beta-22526)
      System.IO (>= 4.0.0-beta-22416)
      System.Runtime (>= 4.0.0-beta-22416)
    System.IO (4.0.10-beta-22526)
      System.Runtime (>= 4.0.20-beta-22416)
      System.Text.Encoding (>= 4.0.0-beta-22416)
      System.Threading.Tasks (>= 4.0.0-beta-22416)
    System.Runtime (4.0.20-beta-22526)
    System.Runtime.InteropServices (4.0.20-beta-22526)
      System.Reflection (>= 4.0.0-beta-22416)
      System.Reflection.Primitives (>= 4.0.0-beta-22416)
      System.Runtime (>= 4.0.0-beta-22416)
      System.Runtime.Handles (>= 4.0.0-beta-22416)
    System.Threading (4.0.0-beta-22416)
      System.Runtime (>= 4.0.0-beta-22416)
      System.Threading.Tasks (>= 4.0.0-beta-22416)
    System.Xml.ReaderWriter (4.0.10-beta-22526)
      System.IO (>= 4.0.0-beta-22416)
      System.Runtime (>= 4.0.0-beta-22416)
      System.Text.Encoding (>= 4.0.0-beta-22416)
      System.Threading.Tasks (>= 4.0.0-beta-22416)
  remote: https://www.myget.org/F/aspnetvnext
  specs:
    Microsoft.Win32.Registry (4.0.0-beta-22526)
      System.Runtime (>= 4.0.0-beta-22526)
      System.Runtime.InteropServices (>= 4.0.0-beta-22526)
    System.Collections (4.0.10-beta-22526)
      System.Runtime (>= 4.0.0-beta-22526)
    System.ComponentModel (4.0.0-beta-22526)
      System.Runtime (>= 4.0.0-beta-22526)
    System.Diagnostics.Contracts (4.0.0-beta-22526)
      System.Runtime (>= 4.0.0-beta-22526)
    System.Diagnostics.Debug (4.0.10-beta-22526)
      System.Runtime (>= 4.0.0-beta-22526)
    System.Diagnostics.Tools (4.0.0-beta-22526)
      System.Runtime (>= 4.0.0-beta-22526)
    System.Diagnostics.TraceSource (4.0.0-beta-22526)
      System.Runtime (>= 4.0.0-beta-22526)
    System.Globalization (4.0.10-beta-22526)
      System.Runtime (>= 4.0.0-beta-22526)
    System.Globalization.Extensions (4.0.0-beta-22526)
      System.Globalization (>= 4.0.0-beta-22526)
      System.Runtime (>= 4.0.0-beta-22526)
      System.Runtime.Extensions (>= 4.0.0-beta-22526)
    System.IO.FileSystem (4.0.0-beta-22526)
      System.IO (>= 4.0.0-beta-22526)
      System.IO.FileSystem.Primitives (>= 4.0.0-beta-22526)
      System.Runtime (>= 4.0.0-beta-22526)
      System.Runtime.Handles (>= 4.0.0-beta-22526)
      System.Text.Encoding (>= 4.0.0-beta-22526)
      System.Threading.Tasks (>= 4.0.0-beta-22526)
    System.IO.FileSystem.Primitives (4.0.0-beta-22526)
      System.Runtime (>= 4.0.0-beta-22526)
    System.Linq (4.0.0-beta-22526)
      System.Collections (>= 4.0.0-beta-22526)
      System.Runtime (>= 4.0.0-beta-22526)
    System.Linq.Expressions (4.0.0-beta-22526)
      System.Reflection (>= 4.0.0-beta-22526)
      System.Runtime (>= 4.0.0-beta-22526)
    System.Net.Primitives (4.0.10-beta-22526)
      System.Runtime (>= 4.0.0-beta-22526)
      System.Runtime.Handles (>= 4.0.0-beta-22526)
    System.Reflection (4.0.10-beta-22526)
      System.IO (>= 4.0.0-beta-22526)
      System.Reflection.Primitives (>= 4.0.0-beta-22526)
      System.Runtime (>= 4.0.20-beta-22526)
    System.Reflection.Extensions (4.0.0-beta-22526)
      System.Reflection (>= 4.0.0-beta-22526)
      System.Runtime (>= 4.0.0-beta-22526)
    System.Reflection.Primitives (4.0.0-beta-22526)
      System.Runtime (>= 4.0.0-beta-22526)
    System.Reflection.TypeExtensions (4.0.0-beta-22526)
      System.Reflection (>= 4.0.0-beta-22526)
      System.Runtime (>= 4.0.0-beta-22526)
    System.Resources.ResourceManager (4.0.0-beta-22526)
      System.Globalization (>= 4.0.0-beta-22526)
      System.Reflection (>= 4.0.0-beta-22526)
      System.Runtime (>= 4.0.0-beta-22526)
    System.Runtime.Extensions (4.0.10-beta-22526)
      System.Runtime (>= 4.0.0-beta-22526)
    System.Runtime.Handles (4.0.0-beta-22526)
      System.Runtime (>= 4.0.0-beta-22526)
    System.Security.Claims (4.0.0-beta-22526)
      System.IO (>= 4.0.0-beta-22526)
      System.Runtime (>= 4.0.0-beta-22526)
      System.Security.Principal (>= 4.0.0-beta-22526)
    System.Security.Cryptography.Encoding (4.0.0-beta-22526)
      System.Runtime (>= 4.0.0-beta-22526)
    System.Security.Cryptography.Encryption (4.0.0-beta-22526)
      System.IO (>= 4.0.0-beta-22526)
      System.Runtime (>= 4.0.0-beta-22526)
      System.Threading.Tasks (>= 4.0.0-beta-22526)
    System.Security.Cryptography.Encryption.Aes (4.0.0-beta-22526)
      System.Runtime (>= 4.0.0-beta-22526)
      System.Security.Cryptography.Encryption (>= 4.0.0-beta-22526)
    System.Security.Cryptography.Hashing (4.0.0-beta-22526)
      System.IO (>= 4.0.0-beta-22526)
      System.Runtime (>= 4.0.0-beta-22526)
    System.Security.Cryptography.Hashing.Algorithms (4.0.0-beta-22526)
      System.Runtime (>= 4.0.0-beta-22526)
      System.Security.Cryptography.Hashing (>= 4.0.0-beta-22526)
    System.Security.Cryptography.RandomNumberGenerator (4.0.0-beta-22526)
      System.Runtime (>= 4.0.0-beta-22526)
    System.Security.Cryptography.X509Certificates (4.0.0-beta-22526)
      System.Runtime (>= 4.0.0-beta-22526)
      System.Runtime.Handles (>= 4.0.0-beta-22526)
      System.Security.Cryptography.Encoding (>= 4.0.0-beta-22526)
      System.Security.Cryptography.Encryption (>= 4.0.0-beta-22526)
    System.Security.Principal (4.0.0-beta-22526)
      System.Runtime (>= 4.0.0-beta-22526)
    System.Security.Principal.Windows (4.0.0-beta-22526)
      System.Runtime (>= 4.0.0-beta-22526)
      System.Security.Claims (>= 4.0.0-beta-22526)
      System.Security.Principal (>= 4.0.0-beta-22526)
    System.Text.Encoding (4.0.10-beta-22526)
      System.Runtime (>= 4.0.0-beta-22526)
    System.Text.Encoding.Extensions (4.0.10-beta-22526)
      System.Runtime (>= 4.0.0-beta-22526)
      System.Text.Encoding (>= 4.0.10-beta-22526)
    System.Threading.Tasks (4.0.10-beta-22526)
      System.Runtime (>= 4.0.0-beta-22526)
    System.Xml.XDocument (4.0.0-beta-22526)
      System.IO (>= 4.0.0-beta-22526)
      System.Runtime (>= 4.0.0-beta-22526)
      System.Xml.ReaderWriter (>= 4.0.0-beta-22526)
